GEM
  remote: http://rubygems.org/
  specs:
    POpen4 (0.1.4)
      Platform (>= 0.4.0)
      open4
    Platform (0.4.0)
    activemodel (3.2.12)
      activesupport (= 3.2.12)
      builder (~> 3.0.0)
    activesupport (3.2.12)
      i18n (~> 0.6)
      multi_json (~> 1.0)
    addressable (2.3.3)
    agent_orange (0.1.6)
    airbrake (3.1.4)
      builder
      girl_friday
    base32 (0.2.0)
    bson (1.8.2)
    bson_ext (1.8.2)
      bson (~> 1.8.2)
    builder (3.0.4)
    connection_pool (1.0.0)
    crack (0.3.2)
    daemons (1.1.9)
    dalli (2.6.2)
    ethon (0.5.9)
      ffi (~> 1.2.0)
      mime-types (~> 1.18)
    eventmachine (1.0.0)
    excon (0.16.10)
    faraday (0.8.5)
      multipart-post (~> 1.1)
    ffi (1.2.1)
    fl-rocco (1.0.0)
      mustache
      redcarpet (~> 1.17)
    foreman (0.61.0)
      thor (>= 0.13.6)
    geocoder (1.1.6)
    girl_friday (0.11.2)
      connection_pool (~> 1.0)
      rubinius-actor
    hashie (1.2.0)
    heroku (2.35.0)
      heroku-api (~> 0.3.7)
      launchy (>= 0.3.2)
      netrc (~> 0.7.7)
      rest-client (~> 1.6.1)
      rubyzip
    heroku-api (0.3.7)
      excon (~> 0.16.10)
    httpauth (0.2.0)
    i18n (0.6.1)
    jammit (0.6.5)
      yui-compressor (>= 0.9.3)
    json (1.7.7)
    jwt (0.1.5)
      multi_json (>= 1.0)
    launchy (2.2.0)
      addressable (~> 2.3)
    listen (0.7.2)
    mime-types (1.21)
    mongo (1.8.2)
      bson (~> 1.8.2)
    mongoid (2.6.0)
      activemodel (~> 3.1)
      mongo (~> 1.7)
      tzinfo (~> 0.3.22)
    multi_json (1.6.1)
    multipart-post (1.1.5)
    mustache (0.99.4)
    netrc (0.7.7)
    newrelic_rpm (3.5.6.55)
    oauth (0.4.7)
    oauth2 (0.8.0)
      faraday (~> 0.8)
      httpauth (~> 0.1)
      jwt (~> 0.1.4)
      multi_json (~> 1.0)
      rack (~> 1.2)
    omniauth (1.1.3)
      hashie (~> 1.2)
      rack
    omniauth-facebook (1.4.1)
      omniauth-oauth2 (~> 1.1.0)
    omniauth-google-oauth2 (0.1.13)
      omniauth (~> 1.0)
      omniauth-oauth2
    omniauth-oauth (1.0.1)
      oauth
      omniauth (~> 1.0)
    omniauth-oauth2 (1.1.1)
      oauth2 (~> 0.8.0)
      omniauth (~> 1.0)
    omniauth-twitter (0.0.14)
      multi_json (~> 1.3)
      omniauth-oauth (~> 1.0)
    open4 (1.3.0)
    rack (1.5.2)
    rack-cache (1.2)
      rack (>= 0.4)
    rack-protection (1.3.2)
      rack
    rack-test (0.6.2)
      rack (>= 1.0)
    rack_csrf (2.4.0)
      rack (>= 0.9)
    rake (10.0.3)
    redcarpet (1.17.2)
    rerun (0.8.0)
      listen
    rest-client (1.6.7)
      mime-types (>= 1.16)
    rubinius-actor (0.0.2)
      rubinius-core-api
    rubinius-core-api (0.0.1)
    rubyzip (0.9.9)
    sass (3.2.5)
    sinatra (1.3.4)
      rack (~> 1.4)
      rack-protection (~> 1.3)
      tilt (~> 1.3, >= 1.3.3)
    sinatra-flash (0.3.0)
      sinatra (>= 1.0.0)
    sinatra_more (0.3.43)
      activesupport
      bundler (>= 0.9.2)
      sinatra (>= 0.9.2)
      thor (>= 0.11.8)
      tilt (>= 0.2)
    slim (1.3.6)
      temple (~> 0.5.5)
      tilt (~> 1.3.3)
    temple (0.5.5)
    thin (1.5.0)
      daemons (>= 1.0.9)
      eventmachine (>= 0.12.6)
      rack (>= 1.0.0)
    thor (0.17.0)
    tilt (1.3.3)
    typhoeus (0.6.1)
      ethon (~> 0.5.9)
    tzinfo (0.3.35)
    uuidtools (2.1.3)
    webmock (1.9.3)
      addressable (>= 2.2.7)
      crack (>= 0.3.2)
    yui-compressor (0.9.6)
      POpen4 (>= 0.1.4)

PLATFORMS
  ruby

DEPENDENCIES
  agent_orange
  airbrake (= 3.1.4)
  base32
  bson_ext (~> 1.5)
  dalli
  fl-rocco
  foreman
  geocoder
  heroku
  jammit
  json (= 1.7.7)
  mongoid (~> 2.4)
  newrelic_rpm
  omniauth
  omniauth-facebook
  omniauth-google-oauth2
  omniauth-twitter
  rack
  rack-cache
  rack-test
  rack_csrf
  rake
  rerun
  sass
  sinatra
  sinatra-flash
  sinatra_more
  slim
  thin
  typhoeus
  uuidtools
  webmock
