GIT
  remote: git://github.com/mongoid/mongoid.git
  revision: c85a1ba799f4df6e77f455449ad858f94aa490aa
  specs:
    mongoid (3.0.0)
      activemodel (~> 3.1)
      mongo (~> 1.3)
      tzinfo (~> 0.3.22)

GEM
  remote: http://rubygems.org/
  specs:
    POpen4 (0.1.4)
      Platform (>= 0.4.0)
      open4
    Platform (0.4.0)
    activemodel (3.2.2)
      activesupport (= 3.2.2)
      builder (~> 3.0.0)
    activesupport (3.2.2)
      i18n (~> 0.6)
      multi_json (~> 1.0)
    addressable (2.2.7)
    base32 (0.2.0)
    bson (1.6.1)
    bson_ext (1.6.1)
      bson (~> 1.6.1)
    builder (3.0.0)
    crack (0.3.1)
    daemons (1.1.8)
    dalli (1.1.5)
    eventmachine (0.12.10)
    fl-rocco (1.0.0)
      mustache
      redcarpet (~> 1.17)
    foreman (0.41.0)
      thor (>= 0.13.6)
    geocoder (1.1.1)
    heroku (2.21.3)
      launchy (>= 0.3.2)
      netrc (~> 0.7.1)
      rest-client (~> 1.6.1)
      rubyzip
    i18n (0.6.0)
    jammit (0.6.5)
      yui-compressor (>= 0.9.3)
    json (1.6.5)
    launchy (2.1.0)
      addressable (~> 2.2.6)
    mime-types (1.18)
    mongo (1.6.1)
      bson (~> 1.6.1)
    multi_json (1.1.0)
    mustache (0.99.4)
    netrc (0.7.1)
    open4 (1.3.0)
    rack (1.4.1)
    rack-cache (1.2)
      rack (>= 0.4)
    rack-protection (1.2.0)
      rack
    rack-test (0.6.1)
      rack (>= 1.0)
    rake (0.9.2.2)
    redcarpet (1.17.2)
    rerun (0.6.5)
    rest-client (1.6.7)
      mime-types (>= 1.16)
    rubyzip (0.9.6.1)
    sass (3.1.15)
    sinatra (1.3.2)
      rack (~> 1.3, >= 1.3.6)
      rack-protection (~> 1.2)
      tilt (~> 1.3, >= 1.3.3)
    sinatra-flash (0.3.0)
      sinatra (>= 1.0.0)
    sinatra_more (0.3.43)
      activesupport
      bundler (>= 0.9.2)
      sinatra (>= 0.9.2)
      thor (>= 0.11.8)
      tilt (>= 0.2)
    slim (1.1.1)
      temple (~> 0.4.0)
      tilt (~> 1.3.2)
    temple (0.4.0)
    thin (1.3.1)
      daemons (>= 1.0.9)
      eventmachine (>= 0.12.6)
      rack (>= 1.0.0)
    thor (0.14.6)
    tilt (1.3.3)
    typhoeus (0.3.3)
      mime-types
    tzinfo (0.3.32)
    uuidtools (2.1.2)
    webmock (1.8.4)
      addressable (>= 2.2.7)
      crack (>= 0.1.7)
    yui-compressor (0.9.6)
      POpen4 (>= 0.1.4)

PLATFORMS
  ruby

DEPENDENCIES
  base32
  bson_ext
  dalli
  fl-rocco
  foreman
  geocoder
  heroku
  jammit
  json
  mongoid!
  rack
  rack-cache
  rack-test
  rake
  rerun
  sass
  sinatra
  sinatra-flash
  sinatra_more
  slim
  thin
  typhoeus
  uuidtools
  webmock
